GEM
  remote: http://rubygems.org/
  specs:
    httparty (0.8.1)
      multi_json
      multi_xml
    multi_json (1.0.3)
    multi_xml (0.4.1)
    rr (1.0.4)

PLATFORMS
  ruby

DEPENDENCIES
  httparty (= 0.8.1)
  multi_json (= 1.0.3)
  rr (= 1.0.4)
